GEM
  remote: http://rubygems.org/
  specs:
    aruba (0.2.1)
    diff-lcs (1.1.2)
    git (1.2.5)
    jeweler (1.5.0.pre2)
      bundler (>= 1.0.0.rc.5)
      git (>= 1.2.5)
      rake
    rake (0.8.7)
    rcov (0.9.8)
    rspec (2.0.0.beta.20)
      rspec-core (= 2.0.0.beta.20)
      rspec-expectations (= 2.0.0.beta.20)
      rspec-mocks (= 2.0.0.beta.20)
    rspec-core (2.0.0.beta.20)
    rspec-expectations (2.0.0.beta.20)
      diff-lcs (>= 1.1.2)
    rspec-mocks (2.0.0.beta.20)
    steak (0.4.0.beta.1)
      rspec (>= 2.0.0.beta.9)
    yard (0.6.1)

PLATFORMS
  ruby

DEPENDENCIES
  aruba (~> 0.2.1)
  bundler (~> 1.0.0.rc.6)
  jeweler (~> 1.5.0.pre2)
  rcov
  rspec (>= 2.0.0.beta.20)
  steak (~> 0.4.0.beta.1)
  yard
