GEM
  remote: http://rubygems.org/
  specs:
    aruba (0.2.1)
    builder (2.1.2)
    cucumber (0.8.5)
      builder (~> 2.1.2)
      diff-lcs (~> 1.1.2)
      gherkin (~> 2.1.4)
      json_pure (~> 1.4.3)
      term-ansicolor (~> 1.0.4)
    diff-lcs (1.1.2)
    gherkin (2.1.5)
      trollop (~> 1.16.2)
    git (1.2.5)
    jeweler (1.5.0.pre2)
      bundler (>= 1.0.0.rc.5)
      git (>= 1.2.5)
      rake
    json_pure (1.4.6)
    rake (0.8.7)
    rcov (0.9.8)
    rspec (2.0.0.beta.20)
      rspec-core (= 2.0.0.beta.20)
      rspec-expectations (= 2.0.0.beta.20)
      rspec-mocks (= 2.0.0.beta.20)
    rspec-core (2.0.0.beta.20)
    rspec-expectations (2.0.0.beta.20)
      diff-lcs (>= 1.1.2)
    rspec-mocks (2.0.0.beta.20)
    term-ansicolor (1.0.5)
    trollop (1.16.2)
    yard (0.6.0)

PLATFORMS
  ruby

DEPENDENCIES
  aruba (~> 0.2.1)
  bundler (~> 1.0.0.rc.6)
  cucumber (~> 0.8.5)
  jeweler (~> 1.5.0.pre2)
  rcov
  rspec (>= 2.0.0.beta.20)
  yard
